GEM
  remote: https://rubygems.org/
  specs:
    backports (3.18.1)
    faraday (1.0.1)
      multipart-post (>= 1.2, < 3)
    hashie (4.1.0)
    jwt (2.2.1)
    multi_json (1.15.0)
    multi_xml (0.6.0)
    multipart-post (2.1.1)
    mustermann (1.1.1)
      ruby2_keywords (~> 0.0.1)
    oauth2 (1.4.4)
      faraday (>= 0.8, < 2.0)
      jwt (>= 1.0, < 3.0)
      multi_json (~> 1.3)
      multi_xml (~> 0.5)
      rack (>= 1.2, < 3)
    omniauth (1.9.1)
      hashie (>= 3.4.6)
      rack (>= 1.6.2, < 3)
    omniauth-auth0 (2.3.1)
      omniauth-oauth2 (~> 1.5)
    omniauth-oauth2 (1.6.0)
      oauth2 (~> 1.1)
      omniauth (~> 1.9)
    rack (2.2.3.1)
    rack-protection (2.0.8.1)
      rack
    rake (13.0.1)
    ruby2_keywords (0.0.2)
    sequel (5.34.0)
    sinatra (2.0.8.1)
      mustermann (~> 1.0)
      rack (~> 2.0)
      rack-protection (= 2.0.8.1)
      tilt (~> 2.0)
    sinatra-contrib (2.0.8.1)
      backports (>= 2.8.2)
      multi_json
      mustermann (~> 1.0)
      rack-protection (= 2.0.8.1)
      sinatra (= 2.0.8.1)
      tilt (~> 2.0)
    sqlite3 (1.4.2)
    tilt (2.0.10)
    warden (1.2.8)
      rack (>= 2.0.6)

PLATFORMS
  ruby
  x64-mingw32

DEPENDENCIES
  jwt (~> 2.2, >= 2.2.1)
  omniauth (~> 1.9, >= 1.9.1)
  omniauth-auth0 (~> 2.3, >= 2.3.1)
  rack (~> 2.2)
  rake (~> 13.0, >= 13.0.1)
  sequel (~> 5.34)
  sinatra (~> 2.0, >= 2.0.8.1)
  sinatra-contrib (~> 2.0, >= 2.0.8.1)
  sqlite3 (~> 1.4, >= 1.4.2)
  warden (~> 1.2, >= 1.2.8)

BUNDLED WITH
   2.1.2
